GEM
  remote: https://rubygems.org/
  specs:
    execjs (2.7.0)
    json (2.1.0)
    rake (11.3.0)
    uglifier (4.1.20)
      execjs (>= 0.3.0, < 3)

PLATFORMS
  ruby

DEPENDENCIES
  json
  rake
  uglifier

BUNDLED WITH
   1.17.1
