GEM
  remote: https://rubygems.org/
  specs:
    execjs (2.6.0)
    json (2.5.1)
    rake (11.3.0)
    uglifier (3.2.0)
      execjs (>= 0.3.0, < 3)

PLATFORMS
  ruby

DEPENDENCIES
  json
  rake
  uglifier

BUNDLED WITH
   1.17.1
